GEM
  remote: http://rubygems.org/
  specs:
    httpclient (2.6.0.1)
    mios (0.3.1)
      httpclient (>= 2.2.0)
    netrc (0.7.9)
    rack (1.6.1)
    rack-protection (1.5.3)
      rack
    rest_client (1.8.3)
      netrc (~> 0.7.7)
    sinatra (1.4.6)
      rack (~> 1.4)
      rack-protection (~> 1.4)
      tilt (>= 1.3, < 3)
    tilt (2.0.1)

PLATFORMS
  ruby

DEPENDENCIES
  mios
  rest_client
  sinatra

BUNDLED WITH
   1.10.3
